GEM
  remote: https://rubygems.org/
  specs:
    activesupport (5.1.4)
      concurrent-ruby (~> 1.0, >= 1.0.2)
      i18n (~> 0.7)
      minitest (~> 5.1)
      tzinfo (~> 1.1)
    concurrent-ruby (1.0.5)
    domain_name (0.5.20170404)
      unf (>= 0.0.5, < 1.0.0)
    goodreads (0.6.1)
      activesupport (>= 3.0)
      hashie (~> 2.0)
      i18n (~> 0.6)
      oauth (~> 0.4)
      rest-client (~> 2.0)
    hashie (2.1.2)
    http-cookie (1.0.3)
      domain_name (~> 0.5)
    i18n (0.9.4)
      concurrent-ruby (~> 1.0)
    mime-types (3.1)
      mime-types-data (~> 3.2015)
    mime-types-data (3.2016.0521)
    minitest (5.11.3)
    mustermann (1.0.1)
    netrc (0.11.0)
    oauth (0.5.4)
    rack (2.0.4)
    rack-protection (2.0.0)
      rack
    rest-client (2.0.2)
      http-cookie (>= 1.0.2, < 2.0)
      mime-types (>= 1.16, < 4.0)
      netrc (~> 0.8)
    sinatra (2.0.0)
      mustermann (~> 1.0)
      rack (~> 2.0)
      rack-protection (= 2.0.0)
      tilt (~> 2.0)
    thread_safe (0.3.6)
    tilt (2.0.8)
    tzinfo (1.2.5)
      thread_safe (~> 0.1)
    unf (0.1.4)
      unf_ext
    unf_ext (0.0.7.5)

PLATFORMS
  ruby

DEPENDENCIES
  goodreads
  minitest
  sinatra

BUNDLED WITH
   1.16.1
